GEM
  remote: https://rubygems.org/
  specs:
    addressable (2.8.1)
      public_suffix (>= 2.0.2, < 6.0)
    backports (3.6.4)
    daemons (1.2.2)
    em-websocket (0.3.8)
      addressable (>= 2.1.1)
      eventmachine (>= 0.12.9)
    eventmachine (1.0.7)
    eventmachine (1.0.7-java)
    ffi (1.9.8)
    ffi (1.9.8-java)
    haml (4.0.6)
      tilt
    httparty (0.13.5)
      json (~> 1.8)
      multi_xml (>= 0.5.2)
    json (1.8.3)
    json (1.8.3-java)
    link_header (0.0.8)
    multi_json (1.11.0)
    multi_xml (0.5.5)
    net-http-persistent (2.9.4)
    pocketsphinx-ruby (0.3.0)
      ffi (>= 1.9)
    public_suffix (5.0.0)
    rack (1.6.2)
    rack-protection (1.5.5)
      rack
    rack-test (0.6.3)
      rack (>= 1.0)
    rdf (1.1.14)
      link_header (~> 0.0, >= 0.0.8)
    ruby-libsamplerate (0.0.1)
      ffi
    sass (3.4.14)
    sinatra (1.4.6)
      rack (~> 1.4)
      rack-protection (~> 1.4)
      tilt (>= 1.3, < 3)
    sinatra-contrib (1.4.4)
      backports (>= 2.0)
      multi_json
      rack-protection
      rack-test
      sinatra (~> 1.4.0)
      tilt (>= 1.3, < 3)
    sinatra-websocket (0.3.1)
      em-websocket (~> 0.3.6)
      eventmachine
      thin (>= 1.3.1, < 2.0.0)
    sparql-client (1.1.5)
      net-http-persistent (~> 2.9)
      rdf (~> 1.1)
    thin (1.6.3)
      daemons (~> 1.0, >= 1.0.9)
      eventmachine (~> 1.0)
      rack (~> 1.0)
    tilt (2.0.1)

PLATFORMS
  java
  ruby

DEPENDENCIES
  haml
  httparty
  pocketsphinx-ruby
  ruby-libsamplerate
  sass
  sinatra
  sinatra-contrib
  sinatra-websocket
  sparql-client

BUNDLED WITH
   1.10.4
